PATH
  remote: .
  specs:
    noodall-components-gallery (0.0.1)

PATH
  remote: /Users/steve/Gems/noodall-ui
  specs:
    noodall-ui (0.0.2)
      dynamic_form
      noodall-core
      thoughtbot-sortable_table (= 0.0.6)
      will_paginate (~> 3.0.pre2)

GEM
  remote: http://rubygems.org/
  specs:
    abstract (1.0.0)
    actionmailer (3.0.1)
      actionpack (= 3.0.1)
      mail (~> 2.2.5)
    actionpack (3.0.1)
      activemodel (= 3.0.1)
      activesupport (= 3.0.1)
      builder (~> 2.1.2)
      erubis (~> 2.6.6)
      i18n (~> 0.4.1)
      rack (~> 1.2.1)
      rack-mount (~> 0.6.12)
      rack-test (~> 0.5.4)
      tzinfo (~> 0.3.23)
    activemodel (3.0.1)
      activesupport (= 3.0.1)
      builder (~> 2.1.2)
      i18n (~> 0.4.1)
    activerecord (3.0.1)
      activemodel (= 3.0.1)
      activesupport (= 3.0.1)
      arel (~> 1.0.0)
      tzinfo (~> 0.3.23)
    activeresource (3.0.1)
      activemodel (= 3.0.1)
      activesupport (= 3.0.1)
    activesupport (3.0.1)
    arel (1.0.1)
      activesupport (~> 3.0.0)
    bson (1.1.1)
    builder (2.1.2)
    canable (0.1.1)
    capybara (0.3.9)
      culerity (>= 0.2.4)
      mime-types (>= 1.16)
      nokogiri (>= 1.3.3)
      rack (>= 1.0.0)
      rack-test (>= 0.5.4)
      selenium-webdriver (>= 0.0.3)
    childprocess (0.1.3)
      ffi (~> 0.6.3)
    columnize (0.3.1)
    configuration (1.1.0)
    cucumber (0.9.0)
      builder (~> 2.1.2)
      diff-lcs (~> 1.1.2)
      gherkin (~> 2.2.2)
      json (~> 1.4.6)
      term-ansicolor (~> 1.0.5)
    cucumber-rails (0.3.2)
      cucumber (>= 0.8.0)
    culerity (0.2.12)
    database_cleaner (0.6.0)
    diff-lcs (1.1.2)
    dragonfly (0.7.6)
      rack
    dynamic_form (1.1.3)
    erubis (2.6.6)
      abstract (>= 1.0.0)
    factory_girl (1.3.2)
    faker (0.3.1)
    ffi (0.6.3)
      rake (>= 0.8.7)
    gherkin (2.2.4)
      json (~> 1.4.6)
      term-ansicolor (~> 1.0.5)
      trollop (~> 1.16.2)
    i18n (0.4.1)
    jnunemaker-validatable (1.8.4)
      activesupport (>= 2.3.4)
    json (1.4.6)
    json_pure (1.4.6)
    launchy (0.3.7)
      configuration (>= 0.0.5)
      rake (>= 0.8.1)
    linecache (0.43)
    mail (2.2.7)
      activesupport (>= 2.3.6)
      mime-types
      treetop (>= 1.4.5)
    mime-types (1.16)
    mongo (1.1.1)
      bson (>= 1.1.1)
    mongo_mapper (0.8.4)
      activesupport (>= 2.3.4)
      jnunemaker-validatable (~> 1.8.4)
      plucky (~> 0.3.5)
    nokogiri (1.4.3.1)
    noodall-core (0.1.0)
      canable (= 0.1.1)
      mongo_mapper (= 0.8.4)
      ramdiv-mongo_mapper_acts_as_tree (= 0.1.1)
      ruby-stemmer
    plucky (0.3.6)
      mongo (~> 1.1)
    polyglot (0.3.1)
    rack (1.2.1)
    rack-mount (0.6.13)
      rack (>= 1.0.0)
    rack-test (0.5.6)
      rack (>= 1.0)
    rails (3.0.1)
      actionmailer (= 3.0.1)
      actionpack (= 3.0.1)
      activerecord (= 3.0.1)
      activeresource (= 3.0.1)
      activesupport (= 3.0.1)
      bundler (~> 1.0.0)
      railties (= 3.0.1)
    railties (3.0.1)
      actionpack (= 3.0.1)
      activesupport (= 3.0.1)
      rake (>= 0.8.4)
      thor (~> 0.14.0)
    rake (0.8.7)
    ramdiv-mongo_mapper_acts_as_tree (0.1.1)
      mongo_mapper (>= 0.6.8)
    rmagick (2.13.1)
    rspec (2.0.0.beta.22)
      rspec-core (= 2.0.0.beta.22)
      rspec-expectations (= 2.0.0.beta.22)
      rspec-mocks (= 2.0.0.beta.22)
    rspec-core (2.0.0.beta.22)
    rspec-expectations (2.0.0.beta.22)
      diff-lcs (>= 1.1.2)
    rspec-mocks (2.0.0.beta.22)
      rspec-core (= 2.0.0.beta.22)
      rspec-expectations (= 2.0.0.beta.22)
    rspec-rails (2.0.0.beta.22)
      rspec (= 2.0.0.beta.22)
    ruby-debug (0.10.3)
      columnize (>= 0.1)
      ruby-debug-base (~> 0.10.3.0)
    ruby-debug-base (0.10.3)
      linecache (>= 0.3)
    ruby-stemmer (0.8.2)
    rubyzip (0.9.4)
    selenium-webdriver (0.0.29)
      childprocess (>= 0.0.7)
      ffi (~> 0.6.3)
      json_pure
      rubyzip
    term-ansicolor (1.0.5)
    thor (0.14.3)
    thoughtbot-sortable_table (0.0.6)
    treetop (1.4.8)
      polyglot (>= 0.3.1)
    trollop (1.16.2)
    tzinfo (0.3.23)
    will_paginate (3.0.pre2)

PLATFORMS
  ruby

DEPENDENCIES
  bundler (>= 1.0.0)
  capybara (>= 0.3.9)
  cucumber-rails
  database_cleaner
  dragonfly (~> 0.7.6)
  factory_girl (~> 1.3.2)
  faker (~> 0.3.1)
  launchy
  noodall-components-gallery!
  noodall-ui!
  rails (= 3.0.1)
  rmagick
  rspec-rails (>= 2.0.0.beta)
  ruby-debug (>= 0.10.3)
